PATH
  remote: .
  specs:
    postgres-framework (0.1.0)

GEM
  remote: https://rubygems.org/
  specs:
    schema-evolution-manager (0.9.34)

PLATFORMS
  ruby

DEPENDENCIES
  postgres-framework!
  schema-evolution-manager (~> 0.9.34)

BUNDLED WITH
   1.15.1
